GEM
  remote: https://rubygems.org/
  specs:
    rack (3.0.2)

PLATFORMS
  ruby

DEPENDENCIES
  rack

RUBY VERSION
   ruby 3.1.3p185

BUNDLED WITH
   2.3.26
