GEM
  remote: https://rubygems.org/
  specs:
    dyno_metadata (0.0.1)

PLATFORMS
  ruby

DEPENDENCIES
  dyno_metadata

BUNDLED WITH
   1.13.6
