GEM
  remote: https://rubygems.org/
  specs:
    faraday (0.11.0)
      multipart-post (>= 1.2, < 3)
    multipart-post (2.0.0)
    power_assert (0.4.1)
    rack (2.0.1)
    rack-test (0.6.3)
      rack (>= 1.0)
    sentry-raven (2.4.0)
      faraday (>= 0.7.6, < 1.0)
    test-unit (3.2.3)
      power_assert

PLATFORMS
  ruby

DEPENDENCIES
  rack-test
  sentry-raven
  test-unit

BUNDLED WITH
   1.14.2
