PATH
  remote: ../../../../src/splitwise-ruby
  specs:
    splitwise (0.0.1)

GEM
  remote: https://rubygems.org/
  specs:
    coderay (1.1.3)
    method_source (1.0.0)
    pry (0.13.1)
      coderay (~> 1.1)
      method_source (~> 1.0)

PLATFORMS
  ruby

DEPENDENCIES
  pry
  splitwise!

BUNDLED WITH
   2.1.4
