GEM
  remote: https://rubygems.org/
  specs:
    json (2.4.0)

PLATFORMS
  ruby

DEPENDENCIES
  json (= 2.4.0)

BUNDLED WITH
   2.1.4
